GEM
  remote: https://rubygems.org/
  specs:
    backports (3.23.0)
    dotenv (2.7.6)
    json (2.6.2)
    multi_json (1.15.0)
    nio4r (2.5.8)
    puma (5.6.4)
      nio4r (~> 2.0)
    rack (1.6.13)
    rack-protection (1.5.5)
      rack
    rack-test (1.1.0)
      rack (>= 1.0, < 3)
    sinatra (1.4.8)
      rack (~> 1.5)
      rack-protection (~> 1.4)
      tilt (>= 1.3, < 3)
    sinatra-contrib (1.4.7)
      backports (>= 2.0)
      multi_json
      rack-protection
      rack-test
      sinatra (~> 1.4.0)
      tilt (>= 1.3, < 3)
    sinatra-reloader (1.0)
      sinatra-contrib
    tilt (2.0.10)
    tiny_tds (2.1.5)
    tiny_tds (2.1.5-x64-mingw32)

PLATFORMS
  ruby
  x64-mingw32

DEPENDENCIES
  dotenv (~> 2.7, >= 2.7.6)
  json (~> 2.6, >= 2.6.1)
  puma (~> 5.5, >= 5.5.2)
  sinatra (~> 1.4, >= 1.4.7)
  sinatra-reloader (~> 1.0)
  tiny_tds (~> 2.1, >= 2.1.5)

BUNDLED WITH
   2.1.4
